PATH
  remote: ../../..
  specs:
    parallel_tests (2.21.0)
      parallel

GEM
  remote: https://rubygems.org/
  specs:
    minitest (4.7.5)
    parallel (1.12.0)

PLATFORMS
  ruby
  x64-mingw32

DEPENDENCIES
  minitest (~> 4.7.5)
  parallel_tests!

BUNDLED WITH
   1.16.1
